GEM
  remote: http://rubygems.org/
  specs:
    aws-sdk (2.0.6.pre)
      aws-sdk-resources (= 2.0.6.pre)
    aws-sdk-core (2.0.6)
      builder (~> 3.0)
      jmespath (~> 1.0)
      multi_json (~> 1.0)
      multi_xml (~> 0.5)
    aws-sdk-resources (2.0.6.pre)
      aws-sdk-core (= 2.0.6)
    bcs-interrogator (0.0.6)
      faraday-http-cache
    builder (3.2.2)
    faraday (0.9.0)
      multipart-post (>= 1.2, < 3)
    faraday-http-cache (0.4.2)
      faraday (~> 0.8)
    jmespath (1.0.2)
      multi_json (~> 1.0)
    multi_json (1.10.1)
    multi_xml (0.5.5)
    multipart-post (2.0.0)

PLATFORMS
  ruby

DEPENDENCIES
  aws-sdk (= 2.0.6.pre)
  bcs-interrogator
